PATH
  remote: .
  specs:
    shiba (0.1.0)

GEM
  remote: https://rubygems.org/
  specs:
    mysql2 (0.5.2)
    rake (10.5.0)

PLATFORMS
  ruby

DEPENDENCIES
  bundler (~> 2.0)
  mysql2
  rake (~> 10.0)
  shiba!

BUNDLED WITH
   2.0.1
