PATH
  remote: .
  specs:
    shiba (0.1.1)

GEM
  remote: https://rubygems.org/
  specs:
    byebug (10.0.2)
    mysql2 (0.5.2)
    rake (10.5.0)

PLATFORMS
  ruby

DEPENDENCIES
  bundler (~> 2.0)
  byebug
  mysql2
  rake (~> 10.0)
  shiba!

BUNDLED WITH
   2.0.1
